GEM
  remote: https://rubygems.org/
  specs:
    chronic (0.10.2)
    whenever (1.0.0)
      chronic (>= 0.6.3)

PLATFORMS
  ruby

DEPENDENCIES
  whenever (>= 0.9.2)

BUNDLED WITH
   2.1.4
